PATH
  remote: .
  specs:
    zaml (0.0.1)
      nokogiri (>= 1.5.5)
      uuidtools (>= 2.1.3)

GEM
  remote: http://rubygems.org/
  specs:
    columnize (0.3.6)
    debugger (1.1.4)
      columnize (>= 0.3.1)
      debugger-linecache (~> 1.1.1)
      debugger-ruby_core_source (~> 1.1.3)
    debugger-linecache (1.1.2)
      debugger-ruby_core_source (>= 1.1.1)
    debugger-ruby_core_source (1.1.3)
    linecache (0.46)
      rbx-require-relative (> 0.0.4)
    minitest (3.0.1)
    nokogiri (1.5.5)
    rake (0.9.2.2)
    rbx-require-relative (0.0.9)
    ruby-debug (0.10.4)
      columnize (>= 0.1)
      ruby-debug-base (~> 0.10.4.0)
    ruby-debug-base (0.10.4)
      linecache (>= 0.3)
    uuidtools (2.1.3)

PLATFORMS
  ruby

DEPENDENCIES
  bundler
  debugger (~> 1.1.1)
  minitest
  rake
  ruby-debug (~> 0.10.4)
  zaml!
